PATH
  remote: .
  specs:
    cqm-validators (0.1.0)
      nokogiri (~> 1.8.2)

GEM
  remote: https://rubygems.org/
  specs:
    mini_portile2 (2.3.0)
    minitest (5.11.3)
    nokogiri (1.8.2)
      mini_portile2 (~> 2.3.0)
    rake (10.5.0)

PLATFORMS
  ruby

DEPENDENCIES
  bundler (~> 1.16)
  cqm-validators!
  minitest (~> 5.0)
  rake (~> 10.0)

BUNDLED WITH
   1.16.1
